GEM
  remote: https://rubygems.org/
  specs:
    ffi (1.10.0)
    ffi-rzmq (2.0.7)
      ffi-rzmq-core (>= 1.0.7)
    ffi-rzmq-core (1.0.7)
      ffi
    google-protobuf (3.6.1)
    mini_portile2 (2.4.0)
    nokogiri (1.10.1)
      mini_portile2 (~> 2.4.0)

PLATFORMS
  ruby

DEPENDENCIES
  ffi-rzmq
  google-protobuf
  nokogiri

RUBY VERSION
   ruby 2.5.0p0

BUNDLED WITH
   1.16.6
