GEM
  remote: https://rubygems.org/
  specs:
    ffi (1.10.0)
    ffi-rzmq (2.0.7)
      ffi-rzmq-core (>= 1.0.7)
    ffi-rzmq-core (1.0.7)
      ffi
    google-protobuf (3.6.1)

PLATFORMS
  ruby

DEPENDENCIES
  ffi-rzmq
  google-protobuf

RUBY VERSION
   ruby 2.5.3p105

BUNDLED WITH
   1.16.6
