PATH
  remote: .
  specs:
    example (0.1.0)

GEM
  remote: https://rubygems.org/
  specs:
    coderay (1.1.2)
    ffi (1.10.0)
    ffi-rzmq (2.0.7)
      ffi-rzmq-core (>= 1.0.7)
    ffi-rzmq-core (1.0.7)
      ffi
    google-protobuf (3.6.1)
    method_source (0.9.2)
    mini_portile2 (2.4.0)
    nokogiri (1.10.1)
      mini_portile2 (~> 2.4.0)
    pry (0.12.2)
      coderay (~> 1.1.0)
      method_source (~> 0.9.0)

PLATFORMS
  ruby

DEPENDENCIES
  example!
  ffi-rzmq
  google-protobuf
  nokogiri
  pry

RUBY VERSION
   ruby 2.5.0p0

BUNDLED WITH
   2.0.1
